GEM
  remote: https://rubygems.org/
  specs:
    backports (3.6.6)
    concurrent-ruby (0.8.0)
      ref (~> 1.0, >= 1.0.5)
    concurrent-ruby-ext (0.8.0)
      concurrent-ruby (~> 0.8.0)
    debugger-ruby_core_source (1.3.8)
    dotenv (2.0.2)
    erubis (2.7.0)
    expeditor (0.1.1)
      concurrent-ruby (= 0.8.0)
      concurrent-ruby-ext (= 0.8.0)
      retryable (> 1.0)
    hiredis (0.6.0)
    httpclient (2.6.0.1)
    kgio (2.10.0)
    multi_json (1.11.2)
    oj (2.13.0)
    pg (0.18.3)
    rack (1.6.4)
    rack-lineprof (0.0.3)
      rack (~> 1.5)
      rblineprof (~> 0.3.6)
      term-ansicolor (~> 1.3)
    rack-protection (1.5.3)
      rack
    rack-test (0.6.3)
      rack (>= 1.0)
    raindrops (0.15.0)
    rblineprof (0.3.6)
      debugger-ruby_core_source (~> 1.3)
    redis (3.2.1)
    ref (1.0.5)
    retryable (2.0.2)
    sinatra (1.4.6)
      rack (~> 1.4)
      rack-protection (~> 1.4)
      tilt (>= 1.3, < 3)
    sinatra-contrib (1.4.6)
      backports (>= 2.0)
      multi_json
      rack-protection
      rack-test
      sinatra (~> 1.4.0)
      tilt (>= 1.3, < 3)
    stackprof (0.2.7)
    term-ansicolor (1.3.2)
      tins (~> 1.0)
    tilt (2.0.1)
    tins (1.6.0)
    unicorn (4.9.0)
      kgio (~> 2.6)
      rack
      raindrops (~> 0.7)

PLATFORMS
  ruby

DEPENDENCIES
  dotenv
  erubis
  expeditor
  hiredis
  httpclient
  oj
  pg
  rack-lineprof
  redis
  sinatra
  sinatra-contrib
  stackprof
  unicorn

BUNDLED WITH
   1.10.6
